GEM
  remote: http://rubygems.org/
  specs:
    Ascii85 (1.0.2)
    daemons (1.1.9)
    eventmachine (1.0.0)
    hashery (2.0.1)
    json (1.7.5)
    kramdown (0.14.0)
    liquid (2.4.1)
    markdown (1.0.0)
      kramdown (>= 0.13.7)
      props (>= 1.0.0)
      textutils (>= 0.2.0)
    pdf-forms (0.4.4)
    pdf-reader (1.2.0)
      Ascii85 (~> 1.0.0)
      hashery (~> 2.0)
      ruby-rc4
    prawn (0.12.0)
      pdf-reader (>= 0.9.0)
      ttfunk (~> 1.0.2)
    prawn-fillform (0.0.14)
      prawn
    props (1.0.0)
    rack (1.4.1)
    rack-protection (1.2.0)
      rack
    ruby-rc4 (0.1.5)
    sinatra (1.3.3)
      rack (~> 1.3, >= 1.3.6)
      rack-protection (~> 1.2)
      tilt (~> 1.3, >= 1.3.3)
    textutils (0.2.0)
    thin (1.5.0)
      daemons (>= 1.0.9)
      eventmachine (>= 0.12.6)
      rack (>= 1.0.0)
    tilt (1.3.3)
    ttfunk (1.0.3)

PLATFORMS
  ruby

DEPENDENCIES
  json
  liquid
  markdown
  pdf-forms
  prawn
  prawn-fillform
  sinatra
  thin
